PATH
  remote: vendor/extensions/active_merchant/
  specs:
    activemerchant (1.14.0)
      activesupport (>= 2.3.8)
      braintree (>= 2.0.0)
      builder (>= 2.0.0)

PATH
  remote: vendor/extensions/spree
  specs:
    spree (0.60.2)
      spree_api (= 0.60.2)
      spree_auth (= 0.60.2)
      spree_core (= 0.60.2)
      spree_dash (= 0.60.2)
      spree_promo (= 0.60.2)
      spree_sample (= 0.60.2)
    spree_api (0.60.2)
      spree_auth (= 0.60.2)
      spree_core (= 0.60.2)
    spree_auth (0.60.2)
      cancan (= 1.6.4)
      devise (= 1.3.3)
      spree_core (= 0.60.2)
    spree_core (0.60.2)
      activemerchant (= 1.14.0)
      acts_as_list (= 0.1.2)
      faker (= 0.9.5)
      highline (= 1.5.1)
      jquery-rails (= 0.2.6)
      meta_search (= 1.0.5)
      nested_set (= 1.6.7)
      paperclip (= 2.3.11)
      rails (= 3.0.9)
      rd_find_by_param (= 0.1.1)
      rd_resource_controller
      rd_unobtrusive_date_picker (= 0.1.0)
      state_machine (= 0.9.4)
      stringex (= 1.0.3)
      will_paginate (= 3.0.pre2)
    spree_dash (0.60.2)
      spree_core (= 0.60.2)
    spree_promo (0.60.2)
      spree_core (= 0.60.2)
    spree_sample (0.60.2)
      spree_core (= 0.60.2)

PATH
  remote: vendor/extensions/spree-multi-currency
  specs:
    multi_currencies (1.0.3)
      json (>= 1.5.1)
      money (>= 3.6.1)
      nokogiri (>= 1.4.4)
      spree_core (>= 0.50.0)

PATH
  remote: vendor/extensions/spree-multi-domain/
  specs:
    spree_multi_domain (3.0.5)
      spree_core (>= 0.60.0)

PATH
  remote: vendor/extensions/spree_faq/
  specs:
    spree_faq (3.0.2)
      spree_core (>= 0.30.1)

PATH
  remote: vendor/extensions/spree_flexi_variants/
  specs:
    spree_flexi_variants (1.0.0)

PATH
  remote: vendor/extensions/spree_paypal_express/
  specs:
    spree_paypal_express (1.0.0)
      spree_core (>= 0.40.3)

PATH
  remote: vendor/extensions/spree_static_content/
  specs:
    spree_static_content (0.60.1)
      formtastic (~> 1.2.3)
      spree_core (>= 0.60.0)
      spree_editor (>= 0.50.0)

GEM
  remote: http://rubygems.org/
  specs:
    abstract (1.0.0)
    actionmailer (3.0.9)
      actionpack (= 3.0.9)
      mail (~> 2.2.19)
    actionpack (3.0.9)
      activemodel (= 3.0.9)
      activesupport (= 3.0.9)
      builder (~> 2.1.2)
      erubis (~> 2.6.6)
      i18n (~> 0.5.0)
      rack (~> 1.2.1)
      rack-mount (~> 0.6.14)
      rack-test (~> 0.5.7)
      tzinfo (~> 0.3.23)
    activemodel (3.0.9)
      activesupport (= 3.0.9)
      builder (~> 2.1.2)
      i18n (~> 0.5.0)
    activerecord (3.0.9)
      activemodel (= 3.0.9)
      activesupport (= 3.0.9)
      arel (~> 2.0.10)
      tzinfo (~> 0.3.23)
    activeresource (3.0.9)
      activemodel (= 3.0.9)
      activesupport (= 3.0.9)
    activesupport (3.0.9)
    acts_as_commentable (3.0.1)
    acts_as_list (0.1.2)
    arel (2.0.10)
    bcrypt-ruby (2.1.4)
    braintree (2.12.0)
      builder (>= 2.0.0)
    builder (2.1.2)
    cancan (1.6.4)
    devise (1.3.3)
      bcrypt-ruby (~> 2.1.2)
      orm_adapter (~> 0.0.3)
      warden (~> 1.0.3)
    erubis (2.6.6)
      abstract (>= 1.0.0)
    exception_notification (2.5.2)
      actionmailer (>= 3.0.4)
    faker (0.9.5)
      i18n (~> 0.4)
    formtastic (1.2.4)
      actionpack (>= 2.3.7)
      activesupport (>= 2.3.7)
      i18n (~> 0.4)
    highline (1.5.1)
    i18n (0.5.0)
    jquery-rails (0.2.6)
      rails (~> 3.0)
      thor (~> 0.14.4)
    json (1.6.1)
    mail (2.2.19)
      activesupport (>= 2.3.6)
      i18n (>= 0.4.0)
      mime-types (~> 1.16)
      treetop (~> 1.4.8)
    meta_search (1.0.5)
      actionpack (~> 3.0.2)
      activerecord (~> 3.0.2)
      activesupport (~> 3.0.2)
      arel (~> 2.0.2)
    mime-types (1.16)
    money (4.0.2)
      i18n (~> 0.4)
      json
    mysql2 (0.2.13)
    nested_set (1.6.7)
      activerecord (>= 3.0.0)
      railties (>= 3.0.0)
    nokogiri (1.5.2)
    orm_adapter (0.0.5)
    paperclip (2.3.11)
      activerecord (>= 2.3.0)
      activesupport (>= 2.3.2)
    pdfkit (0.5.2)
    polyglot (0.3.2)
    rack (1.2.4)
    rack-mount (0.6.14)
      rack (>= 1.0.0)
    rack-test (0.5.7)
      rack (>= 1.0)
    rails (3.0.9)
      actionmailer (= 3.0.9)
      actionpack (= 3.0.9)
      activerecord (= 3.0.9)
      activeresource (= 3.0.9)
      activesupport (= 3.0.9)
      bundler (~> 1.0)
      railties (= 3.0.9)
    railties (3.0.9)
      actionpack (= 3.0.9)
      activesupport (= 3.0.9)
      rake (>= 0.8.7)
      rdoc (~> 3.4)
      thor (~> 0.14.4)
    rake (0.8.7)
    rd_find_by_param (0.1.1)
      activerecord (~> 3.0)
      activesupport (~> 3.0)
    rd_resource_controller (1.0.1)
    rd_unobtrusive_date_picker (0.1.0)
    rdoc (3.10)
      json (~> 1.4)
    ruby-ole (1.2.11.2)
    spreadsheet (0.6.5.9)
      ruby-ole (>= 1.0)
    spree_editor (0.50.1)
      spree_core (>= 0.40.0)
    sqlite3 (1.3.4)
    state_machine (0.9.4)
    stringex (1.0.3)
    thor (0.14.6)
    to_xls (1.0.0)
      spreadsheet (> 0)
      spreadsheet
    treetop (1.4.10)
      polyglot
      polyglot (>= 0.3.1)
    tzinfo (0.3.30)
    warden (1.0.6)
      rack (>= 1.0)
    will_paginate (3.0.pre2)
    wkhtmltopdf-binary (0.9.5.3)

PLATFORMS
  ruby

DEPENDENCIES
  activemerchant!
  acts_as_commentable
  exception_notification
  formtastic
  multi_currencies!
  mysql2 (< 0.3)
  pdfkit
  rails (= 3.0.9)
  rake (= 0.8.7)
  spreadsheet (~> 0.6.5.9)
  spree!
  spree_editor
  spree_faq!
  spree_flexi_variants!
  spree_multi_domain!
  spree_paypal_express!
  spree_static_content!
  sqlite3
  to_xls
  will_paginate
  wkhtmltopdf-binary
